PATH
  remote: .
  specs:
    btp-translations (0.0.1.alpha)
      activerecord-import (>= 0.3.1)
      devise-i18n (>= 0.8.3)
      foreigner (>= 1.4.1)
      gettext_i18n_rails (>= 0.9.4)
      rails-i18n (>= 0.7.3)
      will-paginate-i18n (>= 0.1.13)

GEM
  remote: https://rubygems.org/
  specs:
    activemodel (3.2.12)
      activesupport (= 3.2.12)
      builder (~> 3.0.0)
    activerecord (3.2.12)
      activemodel (= 3.2.12)
      activesupport (= 3.2.12)
      arel (~> 3.0.2)
      tzinfo (~> 0.3.29)
    activerecord-import (0.3.1)
      activerecord (~> 3.0)
    activesupport (3.2.12)
      i18n (~> 0.6)
      multi_json (~> 1.0)
    arel (3.0.2)
    builder (3.0.4)
    devise-i18n (0.8.3)
    fast_gettext (0.7.0)
    foreigner (1.4.1)
      activerecord (>= 3.0.0)
    gettext_i18n_rails (0.9.4)
      fast_gettext (>= 0.4.8)
    i18n (0.6.4)
    multi_json (1.7.3)
    rails-i18n (0.7.3)
      i18n (~> 0.5)
    tzinfo (0.3.37)
    will-paginate-i18n (0.1.13)

PLATFORMS
  ruby

DEPENDENCIES
  btp-translations!
